GEM
  remote: http://rubygems.org/
  specs:
    activesupport (3.2.8)
      i18n (~> 0.6)
      multi_json (~> 1.0)
    addressable (2.2.7)
    builder (3.0.0)
    ci_reporter (1.7.0)
      builder (>= 2.1.2)
    diff-lcs (1.1.3)
    fastercsv (1.5.5)
    gdata (1.1.2)
    highline (1.6.11)
    i18n (0.6.0)
    mime-types (1.19)
    multi_json (1.3.6)
    nokogiri (1.5.0)
    oauth (0.4.6)
    rake (0.9.2.2)
    rest-client (1.6.7)
      mime-types (>= 1.16)
    rspec (2.9.0)
      rspec-core (~> 2.9.0)
      rspec-expectations (~> 2.9.0)
      rspec-mocks (~> 2.9.0)
    rspec-core (2.9.0)
    rspec-expectations (2.9.1)
      diff-lcs (~> 1.1.3)
    rspec-mocks (2.9.0)
    xml-simple (1.1.1)

PLATFORMS
  ruby

DEPENDENCIES
  activesupport (>= 3.0.0)
  addressable (>= 2.2.7)
  ci_reporter (>= 1.7.0)
  fastercsv (~> 1.5.3)
  gdata (>= 1.1.2)
  highline (>= 1.6.11)
  nokogiri (>= 1.5.0)
  oauth (>= 0.4.6)
  rake (>= 0.9.2.2)
  rest-client (>= 1.6.7)
  rspec (>= 2.9.0)
  xml-simple (>= 1.1.1)
