GEM
  remote: http://rubygems.org/
  specs:
    diff-lcs (1.1.3)
    highline (1.6.15)
    mime-types (1.19)
    rake (10.0.3)
    rest-client (1.6.7)
      mime-types (>= 1.16)
    rspec (2.12.0)
      rspec-core (~> 2.12.0)
      rspec-expectations (~> 2.12.0)
      rspec-mocks (~> 2.12.0)
    rspec-core (2.12.2)
    rspec-expectations (2.12.1)
      diff-lcs (~> 1.1.3)
    rspec-mocks (2.12.1)
    xml-simple (1.1.2)

PLATFORMS
  ruby

DEPENDENCIES
  highline (>= 1.6.11)
  rake (>= 0.9.2.2)
  rest-client (>= 1.6.7)
  rspec (>= 2.9.0)
  xml-simple (>= 1.1.1)
