GEM
  remote: http://rubygems.org/
  specs:
    active_support (3.0.0)
      activesupport (= 3.0.0)
    activesupport (3.0.0)
    addressable (2.2.6)
    diff-lcs (1.1.3)
    highline (1.6.11)
    mime-types (1.19)
    nokogiri (1.5.5)
    rest-client (1.6.7)
      mime-types (>= 1.16)
    rspec (2.9.0)
      rspec-core (~> 2.9.0)
      rspec-expectations (~> 2.9.0)
      rspec-mocks (~> 2.9.0)
    rspec-core (2.9.0)
    rspec-expectations (2.9.1)
      diff-lcs (~> 1.1.3)
    rspec-mocks (2.9.0)
    xml-simple (1.1.1)

PLATFORMS
  ruby

DEPENDENCIES
  active_support (= 3.0.0)
  addressable (= 2.2.6)
  highline (= 1.6.11)
  nokogiri (= 1.5.5)
  rest-client (= 1.6.7)
  rspec (= 2.9.0)
  xml-simple (= 1.1.1)
